GEM
  remote: http://rubygems.org/
  specs:
    builder (2.1.2)
    diff-lcs (1.1.2)
    gherkin (2.1.5)
      trollop (~> 1.16.2)
    json_pure (1.4.6)
    nokogiri (1.4.3.1)
    prawn (0.8.4)
      prawn-core (>= 0.8.4, < 0.9)
      prawn-layout (>= 0.8.4, < 0.9)
      prawn-security (>= 0.8.4, < 0.9)
    prawn-core (0.8.4)
    prawn-layout (0.8.4)
    prawn-security (0.8.4)
    rake (0.8.7)
    rspec (2.0.0.beta.20)
      rspec-core (= 2.0.0.beta.20)
      rspec-expectations (= 2.0.0.beta.20)
      rspec-mocks (= 2.0.0.beta.20)
    rspec-core (2.0.0.beta.20)
    rspec-expectations (2.0.0.beta.20)
      diff-lcs (>= 1.1.2)
    rspec-mocks (2.0.0.beta.20)
    spork (0.8.4)
    syntax (1.0.0)
    term-ansicolor (1.0.5)
    trollop (1.16.2)

PLATFORMS
  ruby

DEPENDENCIES
  builder (~> 2.1.2)
  diff-lcs (~> 1.1.2)
  gherkin (~> 2.1.5)
  json_pure (~> 1.4.6)
  nokogiri (~> 1.4.3)
  prawn (= 0.8.4)
  prawn-layout (= 0.8.4)
  rake (~> 0.8.7)
  rspec (~> 2.0.0.beta.20)
  spork (~> 0.8.4)
  syntax (~> 1.0.0)
  term-ansicolor (~> 1.0.5)
